GEM
  remote: http://rubygems.org/
  specs:
    rufus-scheduler (3.0.3)
      tzinfo
    thread_safe (0.3.5)
    tzinfo (1.2.2)
      thread_safe (~> 0.1)

PLATFORMS
  ruby

DEPENDENCIES
  rufus-scheduler (= 3.0.3)

BUNDLED WITH
   1.12.5
